GEM
  remote: http://rubygems.org/
  specs:
    htmldoc (0.2.3)
    mechanize (1.0.0)
      nokogiri (>= 1.2.1)
    mini_portile2 (2.8.1)
    nokogiri (1.14.3)
      mini_portile2 (~> 2.8.0)
      racc (~> 1.4)
    racc (1.6.2)

PLATFORMS
  ruby

DEPENDENCIES
  htmldoc
  mechanize
