GEM
  remote: http://rubygems.org/
  specs:
    htmldoc (0.2.3)
    mechanize (1.0.0)
      nokogiri (>= 1.2.1)
    nokogiri (1.4.4)

PLATFORMS
  ruby

DEPENDENCIES
  htmldoc
  mechanize
